PATH
  remote: .
  specs:
    fortigateSyslogParser (0.1.0)

GEM
  remote: https://rubygems.org/
  specs:
    certstore_c (0.1.6)
    concurrent-ruby (1.1.5)
    cool.io (1.5.4-x64-mingw32)
    dig_rb (1.0.1)
    ffi (1.11.3-x64-mingw32)
    ffi-win32-extensions (1.0.3)
      ffi
    fluentd (1.7.4-x64-mingw32)
      certstore_c (~> 0.1.2)
      cool.io (>= 1.4.5, < 2.0.0)
      dig_rb (~> 1.0.0)
      http_parser.rb (>= 0.5.1, < 0.7.0)
      msgpack (>= 1.2.0, < 2.0.0)
      serverengine (>= 2.0.4, < 3.0.0)
      sigdump (~> 0.2.2)
      strptime (>= 0.2.2, < 1.0.0)
      tzinfo (~> 2.0)
      tzinfo-data (~> 1.0)
      win32-event (~> 0.6.1)
      win32-ipc (~> 0.6.1)
      win32-service (~> 0.8.3)
      windows-pr (~> 1.2.5)
      yajl-ruby (~> 1.0)
    http_parser.rb (0.6.0)
    msgpack (1.3.1-x64-mingw32)
    rake (10.5.0)
    serverengine (2.2.0)
      sigdump (~> 0.2.2)
    sigdump (0.2.4)
    strptime (0.2.3)
    tzinfo (2.0.0)
      concurrent-ruby (~> 1.0)
    tzinfo-data (1.2019.3)
      tzinfo (>= 1.0.0)
    win32-api (1.8.0-universal-mingw32)
    win32-event (0.6.3)
      win32-ipc (>= 0.6.0)
    win32-ipc (0.6.6)
      ffi
    win32-service (0.8.10)
      ffi
      ffi-win32-extensions
    windows-api (0.4.4)
      win32-api (>= 1.4.5)
    windows-pr (1.2.6)
      win32-api (>= 1.4.5)
      windows-api (>= 0.4.0)
    yajl-ruby (1.4.1)

PLATFORMS
  x64-mingw32

DEPENDENCIES
  bundler (~> 2.0)
  fluentd
  fortigateSyslogParser!
  rake (~> 10.0)

BUNDLED WITH
   2.0.2
